GEM
  remote: https://rubygems.org/
  specs:
    rake (12.3.0)
    version (1.1.1)

PLATFORMS
  ruby

DEPENDENCIES
  rake (~> 12.3)
  version (~> 1.1)

BUNDLED WITH
   1.15.4
